GEM
  remote: http://rubygems.org/
  specs:
    isaac (0.2.6)

PLATFORMS
  java
  ruby

DEPENDENCIES
  isaac
